GEM
  remote: https://rubygems.org/
  specs:
    net-ldap (0.16.0)

PLATFORMS
  ruby

DEPENDENCIES
  net-ldap

BUNDLED WITH
   1.14.6
